GEM
  remote: https://rubygems.org/
  specs:
    mini_magick (4.10.1)
    mustermann (2.0.2)
      ruby2_keywords (~> 0.0.1)
    pnglitch (0.0.3)
    rack (2.2.4)
    rack-protection (2.2.3)
      rack
    random-word (2.1.1)
    ruby2_keywords (0.0.5)
    sinatra (2.2.3)
      mustermann (~> 2.0)
      rack (~> 2.2)
      rack-protection (= 2.2.3)
      tilt (~> 2.0)
    sinatra-cross_origin (0.4.0)
    sqlite3 (1.3.13)
    tilt (2.0.11)

PLATFORMS
  ruby

DEPENDENCIES
  mini_magick
  pnglitch (~> 0.0.2)
  random-word (~> 2.1, >= 2.1.1)
  sinatra (~> 2.2)
  sinatra-cross_origin
  sqlite3 (~> 1.3.6)

BUNDLED WITH
   2.1.2
