GEM
  remote: https://rubygems.org/
  specs:
    mini_magick (4.10.1)
    pnglitch (0.0.3)
    rack (1.6.13)
    rack-protection (1.5.5)
      rack
    random-word (2.1.1)
    sinatra (1.4.8)
      rack (~> 1.5)
      rack-protection (~> 1.4)
      tilt (>= 1.3, < 3)
    sqlite3 (1.3.13)
    tilt (2.0.10)

PLATFORMS
  ruby

DEPENDENCIES
  mini_magick
  pnglitch (~> 0.0.2)
  random-word (~> 2.1, >= 2.1.1)
  sinatra (~> 1.4, >= 1.4.7)
  sqlite3 (~> 1.3.6)

BUNDLED WITH
   2.1.2
